GEM
  remote: https://rubygems.org/
  specs:
    faraday (0.15.4)
      multipart-post (>= 1.2, < 3)
    faraday-tracer (0.7.0)
      opentracing
    jaeger-client (0.6.1)
      opentracing (~> 0.3)
      thrift
    multipart-post (2.0.0)
    mustermann (2.0.2)
      ruby2_keywords (~> 0.0.1)
    opentracing (0.4.3)
    rack (2.2.4)
    rack-protection (2.2.3)
      rack
    rack-tracer (0.8.0)
      opentracing (~> 0.4)
    ruby2_keywords (0.0.5)
    sinatra (2.2.3)
      mustermann (~> 2.0)
      rack (~> 2.2)
      rack-protection (= 2.2.3)
      tilt (~> 2.0)
    thrift (0.11.0.0)
    tilt (2.0.11)

PLATFORMS
  ruby

DEPENDENCIES
  faraday
  faraday-tracer
  jaeger-client
  opentracing
  rack-tracer
  sinatra

BUNDLED WITH
   1.17.1
